PATH
  remote: .
  specs:
    joint (0.5)
      mime-types
      mongo_mapper (~> 0.8.6)
      wand (~> 0.2.1)

GEM
  remote: http://rubygems.org/
  specs:
    activesupport (3.0.3)
    bson (1.1.5)
    bson_ext (1.1.5)
    i18n (0.4.2)
    jnunemaker-matchy (0.4.0)
    jnunemaker-validatable (1.8.4)
      activesupport (>= 2.3.4)
    mime-types (1.16)
    mocha (0.9.10)
      rake
    mongo (1.1.5)
      bson (>= 1.1.5)
    mongo_mapper (0.8.6)
      activesupport (>= 2.3.4)
      jnunemaker-validatable (~> 1.8.4)
      plucky (~> 0.3.6)
    plucky (0.3.6)
      mongo (~> 1.1)
    rake (0.8.7)
    shoulda (2.11.3)
    wand (0.2.1)
      mime-types

PLATFORMS
  ruby

DEPENDENCIES
  bson_ext (~> 1.1)
  i18n
  jnunemaker-matchy
  joint!
  mime-types
  mocha
  mongo_mapper (~> 0.8.6)
  shoulda
  wand (~> 0.2.1)
