GIT
  remote: git://github.com/jnunemaker/mongomapper.git
  revision: ae943070db905856f1844dd19b292c1a0eb2f580
  specs:
    mongo_mapper (0.9.0)
      activemodel (~> 3.0.0)
      activesupport (~> 3.0.0)
      plucky (~> 0.3.6)

PATH
  remote: .
  specs:
    joint (0.6.0)
      mime-types
      mongo_mapper (~> 0.9.0)
      wand (~> 0.4)

GEM
  remote: http://rubygems.org/
  specs:
    activemodel (3.0.5)
      activesupport (= 3.0.5)
      builder (~> 2.1.2)
      i18n (~> 0.4)
    activesupport (3.0.5)
    bson (1.2.4)
    bson_ext (1.2.4)
    builder (2.1.2)
    i18n (0.4.2)
    jnunemaker-matchy (0.4.0)
    mime-types (1.16)
    mocha (0.9.10)
      rake
    mongo (1.2.4)
      bson (>= 1.2.4)
    plucky (0.3.7)
      mongo (~> 1.1)
    rake (0.8.7)
    safe_shell (1.0.0)
    shoulda (2.11.3)
    wand (0.4)
      mime-types
      safe_shell (~> 1.0.0)

PLATFORMS
  ruby

DEPENDENCIES
  bson_ext (~> 1.2.4)
  i18n (= 0.4.2)
  jnunemaker-matchy
  joint!
  mime-types
  mocha
  mongo_mapper (~> 0.9.0)
  shoulda
  wand (~> 0.4)
